GEM
  remote: https://rubygems.org/
  specs:
    semantic (1.6.1)

PLATFORMS
  ruby

DEPENDENCIES
  semantic

BUNDLED WITH
   1.17.3
